GEM
  remote: https://rubygems.org/
  specs:
    sass (3.4.13)
    sass-globbing (1.1.0)
      sass (>= 3.1)

PLATFORMS
  x86-mingw32

DEPENDENCIES
  sass (>= 3.4.0)
  sass-globbing (= 1.1.0)
